GEM
  remote: https://rubygems.org/
  specs:
    httparty (0.18.1)
      mime-types (~> 3.0)
      multi_xml (>= 0.5.2)
    json (2.6.3)
    mime-types (3.4.1)
      mime-types-data (~> 3.2015)
    mime-types-data (3.2023.0218.1)
    multi_xml (0.6.0)

PLATFORMS
  x64-mingw-ucrt

DEPENDENCIES
  httparty (~> 0.18.1)
  json (~> 2.5)

BUNDLED WITH
   2.4.10
